GEM
  remote: https://rubygems.org/
  specs:
    coderay (1.1.3)
    crc (0.4.2)
    ffi (1.15.5)
    method_source (1.0.0)
    mini_portile2 (2.4.0)
    nokogiri (1.10.10)
      mini_portile2 (~> 2.4.0)
    pry (0.14.1)
      coderay (~> 1.1)
      method_source (~> 1.0)
    rubyserial (0.6.0)
      ffi (~> 1.9, >= 1.9.3)

PLATFORMS
  x86_64-linux

DEPENDENCIES
  crc (~> 0.4.2)
  nokogiri (~> 1.10)
  pry (~> 0.14.1)
  rubyserial (~> 0.6.0)

BUNDLED WITH
   2.3.6
